GEM
  remote: http://rubygems.org/
  specs:
    haml (3.1.6)
    minitest (3.3.0)
    pg (0.14.0)
    queue_classic (2.0.1)
      pg (~> 0.14.0)
      scrolls (~> 0.2.1)
    rack (1.4.1)
    rack-protection (1.2.0)
      rack
    scrolls (0.2.1)
    shotgun (0.9)
      rack (>= 1.0)
    sinatra (1.3.2)
      rack (~> 1.3, >= 1.3.6)
      rack-protection (~> 1.2)
      tilt (~> 1.3, >= 1.3.3)
    tilt (1.3.3)

PLATFORMS
  ruby

DEPENDENCIES
  haml
  minitest
  pg
  queue_classic (~> 2.0.1)
  shotgun
  sinatra
